GEM
  remote: https://rubygems.org/
  specs:
    builder (3.2.3)
    excon (0.71.0)
    fog-aws (3.5.2)
      fog-core (~> 2.1)
      fog-json (~> 1.1)
      fog-xml (~> 0.1)
      ipaddress (~> 0.8)
    fog-core (2.1.2)
      builder
      excon (~> 0.58)
      formatador (~> 0.2)
      mime-types
    fog-json (1.2.0)
      fog-core
      multi_json (~> 1.10)
    fog-xml (0.1.3)
      fog-core
      nokogiri (>= 1.5.11, < 2.0.0)
    foreman (0.87.0)
    formatador (0.2.5)
    ipaddress (0.8.3)
    mime-types (3.3.1)
      mime-types-data (~> 3.2015)
    mime-types-data (3.2019.1009)
    mini_portile2 (2.5.1)
    multi_json (1.14.1)
    mustache (1.1.1)
    nio4r (2.5.7)
    nokogiri (1.11.5)
      mini_portile2 (~> 2.5.0)
      racc (~> 1.4)
    puma (5.3.1)
      nio4r (~> 2.0)
    racc (1.5.2)
    rack (2.2.3)

PLATFORMS
  ruby

DEPENDENCIES
  fog-aws
  foreman
  mime-types
  mustache
  puma
  rack

RUBY VERSION
   ruby 2.6.5p114

BUNDLED WITH
   1.17.2
