GEM
  remote: https://rubygems.org/
  specs:
    builder (3.2.3)
    excon (0.70.0)
    fog-aws (3.5.2)
      fog-core (~> 2.1)
      fog-json (~> 1.1)
      fog-xml (~> 0.1)
      ipaddress (~> 0.8)
    fog-core (2.1.2)
      builder
      excon (~> 0.58)
      formatador (~> 0.2)
      mime-types
    fog-json (1.2.0)
      fog-core
      multi_json (~> 1.10)
    fog-xml (0.1.3)
      fog-core
      nokogiri (>= 1.5.11, < 2.0.0)
    foreman (0.85.0)
      thor (~> 0.19.1)
    formatador (0.2.5)
    ipaddress (0.8.3)
    mime-types (3.1)
      mime-types-data (~> 3.2015)
    mime-types-data (3.2016.0521)
    mini_portile2 (2.4.0)
    multi_json (1.14.1)
    mustache (1.0.5)
    nokogiri (1.10.6)
      mini_portile2 (~> 2.4.0)
    puma (3.11.4)
    rack (2.0.5)
    thor (0.19.4)

PLATFORMS
  ruby

DEPENDENCIES
  fog-aws
  foreman
  mime-types
  mustache
  puma
  rack

RUBY VERSION
   ruby 2.6.5p114

BUNDLED WITH
   1.17.2
