GEM
  remote: https://rubygems.org/
  specs:
    builder (3.2.3)
    excon (0.62.0)
    fog-aws (2.0.1)
      fog-core (~> 1.38)
      fog-json (~> 1.0)
      fog-xml (~> 0.1)
      ipaddress (~> 0.8)
    fog-core (1.45.0)
      builder
      excon (~> 0.58)
      formatador (~> 0.2)
    fog-json (1.2.0)
      fog-core
      multi_json (~> 1.10)
    fog-xml (0.1.3)
      fog-core
      nokogiri (>= 1.5.11, < 2.0.0)
    foreman (0.85.0)
      thor (~> 0.19.1)
    formatador (0.2.5)
    ipaddress (0.8.3)
    mime-types (3.1)
      mime-types-data (~> 3.2015)
    mime-types-data (3.2016.0521)
    mini_portile2 (2.3.0)
    multi_json (1.13.1)
    mustache (1.1.0)
    nokogiri (1.8.3)
      mini_portile2 (~> 2.3.0)
    puma (3.11.4)
    rack (2.0.5)
    thor (0.19.4)

PLATFORMS
  ruby

DEPENDENCIES
  fog-aws
  foreman
  mime-types
  mustache
  puma
  rack

RUBY VERSION
   ruby 2.5.1p57

BUNDLED WITH
   1.16.2
