GEM
  remote: https://rubygems.org/
  specs:
    builder (3.2.2)
    dotenv (0.7.0)
    excon (0.33.0)
    fog (1.22.0)
      fog-brightbox
      fog-core (~> 1.21, >= 1.21.1)
      fog-json
      nokogiri (~> 1.5, >= 1.5.11)
    fog-brightbox (0.0.2)
      fog-core
      fog-json
    fog-core (1.22.0)
      builder
      excon (~> 0.33)
      formatador (~> 0.2)
      mime-types
      net-scp (~> 1.1)
      net-ssh (>= 2.1.3)
    fog-json (1.0.0)
      multi_json (~> 1.0)
    foreman (0.67.0)
      dotenv (~> 0.7.0)
      thor (~> 0.17.0)
    formatador (0.2.4)
    mime-types (2.2)
    mini_portile (0.5.3)
    multi_json (1.10.0)
    mustache (0.99.5)
    net-scp (1.2.1)
      net-ssh (>= 2.6.5)
    net-ssh (2.9.0)
    nokogiri (1.6.2)
      mini_portile (~> 0.5.2)
    puma (2.8.2)
      rack (>= 1.1, < 2.0)
    rack (1.5.2)
    thor (0.17.0)

PLATFORMS
  ruby

DEPENDENCIES
  fog
  foreman
  mustache
  puma
  rack
